GEM
  remote: https://rubygems.org/
  specs:
    addressable (2.8.5)
      public_suffix (>= 2.0.2, < 6.0)
    down (5.4.1)
      addressable (~> 2.8)
    public_suffix (5.0.3)

PLATFORMS
  x64-mingw32

DEPENDENCIES
  down (~> 5.0)

BUNDLED WITH
   2.2.32
